GEM
  remote: https://rubygems.org/
  specs:
    exiftool (1.2.1)
      json
    json (2.3.0)

PLATFORMS
  ruby

DEPENDENCIES
  exiftool

BUNDLED WITH
   2.0.2
